STORAGE: NONE
RESTRICTION: || (== net50) (== netcoreapp3.1) (== netstandard2.0) (== netstandard2.1)
NUGET
  remote: https://api.nuget.org/v3/index.json
    coverlet.collector (3.0.3)
    FSharp.Core (5.0.1)
    Giraffe (4.1)
      FSharp.Core (>= 4.7)
      Microsoft.AspNetCore.Authentication (>= 2.2) - restriction: || (&& (== net50) (>= net461)) (&& (== net50) (< netcoreapp3.0)) (&& (== netcoreapp3.1) (>= net461)) (&& (== netcoreapp3.1) (< netcoreapp3.0)) (== netstandard2.0) (== netstandard2.1)
      Microsoft.AspNetCore.Authorization (>= 2.2) - restriction: || (&& (== net50) (>= net461)) (&& (== net50) (< netcoreapp3.0)) (&& (== netcoreapp3.1) (>= net461)) (&& (== netcoreapp3.1) (< netcoreapp3.0)) (== netstandard2.0) (== netstandard2.1)
      Microsoft.AspNetCore.Diagnostics (>= 2.2) - restriction: || (&& (== net50) (>= net461)) (&& (== net50) (< netcoreapp3.0)) (&& (== netcoreapp3.1) (>= net461)) (&& (== netcoreapp3.1) (< netcoreapp3.0)) (== netstandard2.0) (== netstandard2.1)
      Microsoft.AspNetCore.Hosting.Abstractions (>= 2.2) - restriction: || (&& (== net50) (>= net461)) (&& (== net50) (< netcoreapp3.0)) (&& (== netcoreapp3.1) (>= net461)) (&& (== netcoreapp3.1) (< netcoreapp3.0)) (== netstandard2.0) (== netstandard2.1)
      Microsoft.AspNetCore.ResponseCaching (>= 2.2) - restriction: || (&& (== net50) (>= net461)) (&& (== net50) (< netcoreapp3.0)) (&& (== netcoreapp3.1) (>= net461)) (&& (== netcoreapp3.1) (< netcoreapp3.0)) (== netstandard2.0) (== netstandard2.1)
      Microsoft.IO.RecyclableMemoryStream (>= 1.2.2)
      Newtonsoft.Json (>= 12.0.2)
      TaskBuilder.fs (>= 2.1)
      Utf8Json (>= 1.3.7)
    JetBrains.Annotations (2021.1)
    Json.More.Net (1.4.2)
      System.Text.Json (>= 4.7.2)
    JsonPointer.Net (1.3.2)
      Json.More.Net (>= 1.4)
      System.Text.Json (>= 4.7.2)
    JsonSchema.Net (1.10.2)
      JetBrains.Annotations (>= 2020.1)
      Json.More.Net (>= 1.4.1)
      JsonPointer.Net (>= 1.3.2)
      System.Text.Json (>= 4.7.2)
    Microsoft.AspNetCore.Authentication (2.2) - restriction: || (&& (== net50) (>= net461)) (&& (== net50) (< netcoreapp3.0)) (&& (== netcoreapp3.1) (>= net461)) (&& (== netcoreapp3.1) (< netcoreapp3.0)) (== netstandard2.0) (== netstandard2.1)
      Microsoft.AspNetCore.Authentication.Core (>= 2.2)
      Microsoft.AspNetCore.DataProtection (>= 2.2)
      Microsoft.AspNetCore.Http (>= 2.2)
      Microsoft.AspNetCore.Http.Extensions (>= 2.2)
      Microsoft.Extensions.Logging.Abstractions (>= 2.2)
      Microsoft.Extensions.Options (>= 2.2)
      Microsoft.Extensions.WebEncoders (>= 2.2)
    Microsoft.AspNetCore.Authentication.Abstractions (2.2) - restriction: || (&& (== net50) (>= net461)) (&& (== net50) (< netcoreapp3.0)) (&& (== netcoreapp3.1) (>= net461)) (&& (== netcoreapp3.1) (< netcoreapp3.0)) (== netstandard2.0) (== netstandard2.1)
      Microsoft.AspNetCore.Http.Abstractions (>= 2.2)
      Microsoft.Extensions.Logging.Abstractions (>= 2.2)
      Microsoft.Extensions.Options (>= 2.2)
    Microsoft.AspNetCore.Authentication.Core (2.2) - restriction: || (&& (== net50) (>= net461)) (&& (== net50) (< netcoreapp3.0)) (&& (== netcoreapp3.1) (>= net461)) (&& (== netcoreapp3.1) (< netcoreapp3.0)) (== netstandard2.0) (== netstandard2.1)
      Microsoft.AspNetCore.Authentication.Abstractions (>= 2.2)
      Microsoft.AspNetCore.Http (>= 2.2)
      Microsoft.AspNetCore.Http.Extensions (>= 2.2)
    Microsoft.AspNetCore.Authorization (5.0.5) - restriction: || (&& (== net50) (>= net461)) (&& (== net50) (< netcoreapp3.0)) (&& (== netcoreapp3.1) (>= net461)) (&& (== netcoreapp3.1) (< netcoreapp3.0)) (== netstandard2.0) (== netstandard2.1)
      Microsoft.AspNetCore.Metadata (>= 5.0.5)
      Microsoft.Extensions.Logging.Abstractions (>= 5.0)
      Microsoft.Extensions.Options (>= 5.0)
    Microsoft.AspNetCore.Cryptography.Internal (5.0.5) - restriction: || (&& (== net50) (>= net461)) (&& (== net50) (< netcoreapp3.0)) (&& (== netcoreapp3.1) (>= net461)) (&& (== netcoreapp3.1) (< netcoreapp3.0)) (== netstandard2.0) (== netstandard2.1)
    Microsoft.AspNetCore.DataProtection (5.0.5) - restriction: || (&& (== net50) (>= net461)) (&& (== net50) (< netcoreapp3.0)) (&& (== netcoreapp3.1) (>= net461)) (&& (== netcoreapp3.1) (< netcoreapp3.0)) (== netstandard2.0) (== netstandard2.1)
      Microsoft.AspNetCore.Cryptography.Internal (>= 5.0.5)
      Microsoft.AspNetCore.DataProtection.Abstractions (>= 5.0.5)
      Microsoft.Extensions.DependencyInjection.Abstractions (>= 5.0)
      Microsoft.Extensions.Hosting.Abstractions (>= 5.0)
      Microsoft.Extensions.Logging.Abstractions (>= 5.0)
      Microsoft.Extensions.Options (>= 5.0)
      Microsoft.Win32.Registry (>= 5.0)
      System.Security.Cryptography.Xml (>= 5.0)
      System.Security.Principal.Windows (>= 5.0) - restriction: || (== netcoreapp3.1) (== netstandard2.0) (== netstandard2.1)
    Microsoft.AspNetCore.DataProtection.Abstractions (5.0.5) - restriction: || (&& (== net50) (>= net461)) (&& (== net50) (< netcoreapp3.0)) (&& (== netcoreapp3.1) (>= net461)) (&& (== netcoreapp3.1) (< netcoreapp3.0)) (== netstandard2.0) (== netstandard2.1)
    Microsoft.AspNetCore.Diagnostics (2.2) - restriction: || (&& (== net50) (>= net461)) (&& (== net50) (< netcoreapp3.0)) (&& (== netcoreapp3.1) (>= net461)) (&& (== netcoreapp3.1) (< netcoreapp3.0)) (== netstandard2.0) (== netstandard2.1)
      Microsoft.AspNetCore.Diagnostics.Abstractions (>= 2.2)
      Microsoft.AspNetCore.Hosting.Abstractions (>= 2.2)
      Microsoft.AspNetCore.Http.Extensions (>= 2.2)
      Microsoft.AspNetCore.WebUtilities (>= 2.2)
      Microsoft.Extensions.FileProviders.Physical (>= 2.2)
      Microsoft.Extensions.Logging.Abstractions (>= 2.2)
      Microsoft.Extensions.Options (>= 2.2)
      System.Diagnostics.DiagnosticSource (>= 4.5)
      System.Reflection.Metadata (>= 1.6)
    Microsoft.AspNetCore.Diagnostics.Abstractions (2.2) - restriction: || (&& (== net50) (>= net461)) (&& (== net50) (< netcoreapp3.0)) (&& (== netcoreapp3.1) (>= net461)) (&& (== netcoreapp3.1) (< netcoreapp3.0)) (== netstandard2.0) (== netstandard2.1)
    Microsoft.AspNetCore.Hosting.Abstractions (2.2) - restriction: || (&& (== net50) (>= net461)) (&& (== net50) (< netcoreapp3.0)) (&& (== netcoreapp3.1) (>= net461)) (&& (== netcoreapp3.1) (< netcoreapp3.0)) (== netstandard2.0) (== netstandard2.1)
      Microsoft.AspNetCore.Hosting.Server.Abstractions (>= 2.2)
      Microsoft.AspNetCore.Http.Abstractions (>= 2.2)
      Microsoft.Extensions.Hosting.Abstractions (>= 2.2)
    Microsoft.AspNetCore.Hosting.Server.Abstractions (2.2) - restriction: || (&& (== net50) (>= net461)) (&& (== net50) (< netcoreapp3.0)) (&& (== netcoreapp3.1) (>= net461)) (&& (== netcoreapp3.1) (< netcoreapp3.0)) (== netstandard2.0) (== netstandard2.1)
      Microsoft.AspNetCore.Http.Features (>= 2.2)
      Microsoft.Extensions.Configuration.Abstractions (>= 2.2)
    Microsoft.AspNetCore.Http (2.2.2) - restriction: || (&& (== net50) (>= net461)) (&& (== net50) (< netcoreapp3.0)) (&& (== netcoreapp3.1) (>= net461)) (&& (== netcoreapp3.1) (< netcoreapp3.0)) (== netstandard2.0) (== netstandard2.1)
      Microsoft.AspNetCore.Http.Abstractions (>= 2.2)
      Microsoft.AspNetCore.WebUtilities (>= 2.2)
      Microsoft.Extensions.ObjectPool (>= 2.2)
      Microsoft.Extensions.Options (>= 2.2)
      Microsoft.Net.Http.Headers (>= 2.2)
    Microsoft.AspNetCore.Http.Abstractions (2.2) - restriction: || (&& (== net50) (>= net461)) (&& (== net50) (< netcoreapp3.0)) (&& (== netcoreapp3.1) (>= net461)) (&& (== netcoreapp3.1) (< netcoreapp3.0)) (== netstandard2.0) (== netstandard2.1)
      Microsoft.AspNetCore.Http.Features (>= 2.2)
      System.Text.Encodings.Web (>= 4.5)
    Microsoft.AspNetCore.Http.Extensions (2.2) - restriction: || (&& (== net50) (>= net461)) (&& (== net50) (< netcoreapp3.0)) (&& (== netcoreapp3.1) (>= net461)) (&& (== netcoreapp3.1) (< netcoreapp3.0)) (== netstandard2.0) (== netstandard2.1)
      Microsoft.AspNetCore.Http.Abstractions (>= 2.2)
      Microsoft.Extensions.FileProviders.Abstractions (>= 2.2)
      Microsoft.Net.Http.Headers (>= 2.2)
      System.Buffers (>= 4.5)
    Microsoft.AspNetCore.Http.Features (5.0.5) - restriction: || (&& (== net50) (>= net461)) (&& (== net50) (< netcoreapp3.0)) (&& (== netcoreapp3.1) (>= net461)) (&& (== netcoreapp3.1) (< netcoreapp3.0)) (== netstandard2.0) (== netstandard2.1)
      Microsoft.Extensions.Primitives (>= 5.0.1)
      System.IO.Pipelines (>= 5.0.1)
    Microsoft.AspNetCore.Metadata (5.0.5) - restriction: || (&& (== net50) (>= net461)) (&& (== net50) (< netcoreapp3.0)) (&& (== netcoreapp3.1) (>= net461)) (&& (== netcoreapp3.1) (< netcoreapp3.0)) (== netstandard2.0) (== netstandard2.1)
    Microsoft.AspNetCore.Mvc.Testing (5.0.5)
      Microsoft.AspNetCore.TestHost (>= 5.0.5) - restriction: || (== net50) (&& (== netcoreapp3.1) (>= net50)) (&& (== netstandard2.0) (>= net50)) (&& (== netstandard2.1) (>= net50))
      Microsoft.Extensions.DependencyModel (>= 5.0) - restriction: || (== net50) (&& (== netcoreapp3.1) (>= net50)) (&& (== netstandard2.0) (>= net50)) (&& (== netstandard2.1) (>= net50))
      Microsoft.Extensions.Hosting (>= 5.0) - restriction: || (== net50) (&& (== netcoreapp3.1) (>= net50)) (&& (== netstandard2.0) (>= net50)) (&& (== netstandard2.1) (>= net50))
    Microsoft.AspNetCore.ResponseCaching (2.2) - restriction: || (&& (== net50) (>= net461)) (&& (== net50) (< netcoreapp3.0)) (&& (== netcoreapp3.1) (>= net461)) (&& (== netcoreapp3.1) (< netcoreapp3.0)) (== netstandard2.0) (== netstandard2.1)
      Microsoft.AspNetCore.Http (>= 2.2)
      Microsoft.AspNetCore.Http.Extensions (>= 2.2)
      Microsoft.AspNetCore.ResponseCaching.Abstractions (>= 2.2)
      Microsoft.Extensions.Caching.Memory (>= 2.2)
      Microsoft.Extensions.Logging.Abstractions (>= 2.2)
    Microsoft.AspNetCore.ResponseCaching.Abstractions (2.2) - restriction: || (&& (== net50) (>= net461)) (&& (== net50) (< netcoreapp3.0)) (&& (== netcoreapp3.1) (>= net461)) (&& (== netcoreapp3.1) (< netcoreapp3.0)) (== netstandard2.0) (== netstandard2.1)
      Microsoft.Extensions.Primitives (>= 2.2)
    Microsoft.AspNetCore.TestHost (5.0.5) - restriction: || (== net50) (&& (== netcoreapp3.1) (>= net50)) (&& (== netstandard2.0) (>= net50)) (&& (== netstandard2.1) (>= net50))
      System.IO.Pipelines (>= 5.0.1) - restriction: || (== net50) (&& (== netcoreapp3.1) (>= net50)) (&& (== netstandard2.0) (>= net50)) (&& (== netstandard2.1) (>= net50))
    Microsoft.AspNetCore.WebUtilities (2.2) - restriction: || (&& (== net50) (>= net461)) (&& (== net50) (< netcoreapp3.0)) (&& (== netcoreapp3.1) (>= net461)) (&& (== netcoreapp3.1) (< netcoreapp3.0)) (== netstandard2.0) (== netstandard2.1)
      Microsoft.Net.Http.Headers (>= 2.2)
      System.Text.Encodings.Web (>= 4.5)
    Microsoft.Bcl.AsyncInterfaces (5.0) - restriction: || (&& (== net50) (>= monotouch)) (&& (== net50) (>= net461)) (&& (== net50) (< netcoreapp2.0)) (&& (== net50) (< netcoreapp2.1)) (&& (== net50) (< netcoreapp3.0)) (&& (== net50) (< netstandard2.0) (>= xamarintvos)) (&& (== net50) (< netstandard2.0) (>= xamarinwatchos)) (&& (== net50) (>= uap10.1)) (&& (== netcoreapp3.1) (>= monotouch)) (&& (== netcoreapp3.1) (>= net461)) (&& (== netcoreapp3.1) (< netcoreapp2.0)) (&& (== netcoreapp3.1) (< netcoreapp2.1)) (&& (== netcoreapp3.1) (< netcoreapp3.0)) (&& (== netcoreapp3.1) (< netstandard2.0) (>= xamarintvos)) (&& (== netcoreapp3.1) (< netstandard2.0) (>= xamarinwatchos)) (&& (== netcoreapp3.1) (>= uap10.1)) (== netstandard2.0) (== netstandard2.1)
      System.Threading.Tasks.Extensions (>= 4.5.4) - restriction: || (&& (== net50) (>= net461)) (&& (== net50) (< netcoreapp2.1) (< netstandard2.1)) (&& (== netcoreapp3.1) (>= net461)) (&& (== netcoreapp3.1) (< netcoreapp2.1) (< netstandard2.1)) (== netstandard2.0) (&& (== netstandard2.1) (>= net461))
    Microsoft.CodeCoverage (16.9.4) - restriction: || (== net50) (== netcoreapp3.1) (&& (== netstandard2.0) (>= net45)) (&& (== netstandard2.0) (>= netcoreapp1.0)) (&& (== netstandard2.1) (>= net45)) (&& (== netstandard2.1) (>= netcoreapp1.0))
    Microsoft.Extensions.Caching.Abstractions (5.0) - restriction: || (&& (== net50) (>= net461)) (&& (== net50) (< netcoreapp3.0)) (&& (== netcoreapp3.1) (>= net461)) (&& (== netcoreapp3.1) (< netcoreapp3.0)) (== netstandard2.0) (== netstandard2.1)
      Microsoft.Extensions.Primitives (>= 5.0)
    Microsoft.Extensions.Caching.Memory (5.0) - restriction: || (&& (== net50) (>= net461)) (&& (== net50) (< netcoreapp3.0)) (&& (== netcoreapp3.1) (>= net461)) (&& (== netcoreapp3.1) (< netcoreapp3.0)) (== netstandard2.0) (== netstandard2.1)
      Microsoft.Extensions.Caching.Abstractions (>= 5.0)
      Microsoft.Extensions.DependencyInjection.Abstractions (>= 5.0)
      Microsoft.Extensions.Logging.Abstractions (>= 5.0)
      Microsoft.Extensions.Options (>= 5.0)
      Microsoft.Extensions.Primitives (>= 5.0)
    Microsoft.Extensions.Configuration (5.0) - restriction: || (== net50) (&& (== netcoreapp3.1) (>= net50)) (&& (== netstandard2.0) (>= net50)) (&& (== netstandard2.1) (>= net50))
      Microsoft.Extensions.Configuration.Abstractions (>= 5.0)
      Microsoft.Extensions.Primitives (>= 5.0)
    Microsoft.Extensions.Configuration.Abstractions (5.0) - restriction: || (== net50) (&& (== netcoreapp3.1) (>= net461)) (&& (== netcoreapp3.1) (>= net50)) (&& (== netcoreapp3.1) (< netcoreapp3.0)) (== netstandard2.0) (== netstandard2.1)
      Microsoft.Extensions.Primitives (>= 5.0)
    Microsoft.Extensions.Configuration.Binder (5.0) - restriction: || (== net50) (&& (== netcoreapp3.1) (>= net50)) (&& (== netstandard2.0) (>= net50)) (&& (== netstandard2.1) (>= net50))
      Microsoft.Extensions.Configuration.Abstractions (>= 5.0)
    Microsoft.Extensions.Configuration.CommandLine (5.0) - restriction: || (== net50) (&& (== netcoreapp3.1) (>= net50)) (&& (== netstandard2.0) (>= net50)) (&& (== netstandard2.1) (>= net50))
      Microsoft.Extensions.Configuration (>= 5.0)
      Microsoft.Extensions.Configuration.Abstractions (>= 5.0)
    Microsoft.Extensions.Configuration.EnvironmentVariables (5.0) - restriction: || (== net50) (&& (== netcoreapp3.1) (>= net50)) (&& (== netstandard2.0) (>= net50)) (&& (== netstandard2.1) (>= net50))
      Microsoft.Extensions.Configuration (>= 5.0)
      Microsoft.Extensions.Configuration.Abstractions (>= 5.0)
    Microsoft.Extensions.Configuration.FileExtensions (5.0) - restriction: || (== net50) (&& (== netcoreapp3.1) (>= net50)) (&& (== netstandard2.0) (>= net50)) (&& (== netstandard2.1) (>= net50))
      Microsoft.Extensions.Configuration (>= 5.0)
      Microsoft.Extensions.Configuration.Abstractions (>= 5.0)
      Microsoft.Extensions.FileProviders.Abstractions (>= 5.0)
      Microsoft.Extensions.FileProviders.Physical (>= 5.0)
      Microsoft.Extensions.Primitives (>= 5.0)
    Microsoft.Extensions.Configuration.Json (5.0) - restriction: || (== net50) (&& (== netcoreapp3.1) (>= net50)) (&& (== netstandard2.0) (>= net50)) (&& (== netstandard2.1) (>= net50))
      Microsoft.Extensions.Configuration (>= 5.0)
      Microsoft.Extensions.Configuration.Abstractions (>= 5.0)
      Microsoft.Extensions.Configuration.FileExtensions (>= 5.0)
      Microsoft.Extensions.FileProviders.Abstractions (>= 5.0)
    Microsoft.Extensions.Configuration.UserSecrets (5.0) - restriction: || (== net50) (&& (== netcoreapp3.1) (>= net50)) (&& (== netstandard2.0) (>= net50)) (&& (== netstandard2.1) (>= net50))
      Microsoft.Extensions.Configuration.Abstractions (>= 5.0)
      Microsoft.Extensions.Configuration.Json (>= 5.0)
      Microsoft.Extensions.FileProviders.Abstractions (>= 5.0)
      Microsoft.Extensions.FileProviders.Physical (>= 5.0)
    Microsoft.Extensions.DependencyInjection (5.0.1) - restriction: || (== net50) (&& (== netcoreapp3.1) (>= net50)) (&& (== netstandard2.0) (>= net50)) (&& (== netstandard2.1) (>= net50))
      Microsoft.Extensions.DependencyInjection.Abstractions (>= 5.0)
    Microsoft.Extensions.DependencyInjection.Abstractions (5.0) - restriction: || (== net50) (&& (== netcoreapp3.1) (>= net461)) (&& (== netcoreapp3.1) (>= net50)) (&& (== netcoreapp3.1) (< netcoreapp3.0)) (== netstandard2.0) (== netstandard2.1)
    Microsoft.Extensions.DependencyModel (5.0) - restriction: || (== net50) (&& (== netcoreapp3.1) (>= net50)) (&& (== netstandard2.0) (>= net50)) (&& (== netstandard2.1) (>= net50))
    Microsoft.Extensions.FileProviders.Abstractions (5.0) - restriction: || (== net50) (&& (== netcoreapp3.1) (>= net461)) (&& (== netcoreapp3.1) (>= net50)) (&& (== netcoreapp3.1) (< netcoreapp3.0)) (== netstandard2.0) (== netstandard2.1)
      Microsoft.Extensions.Primitives (>= 5.0)
    Microsoft.Extensions.FileProviders.Physical (5.0) - restriction: || (== net50) (&& (== netcoreapp3.1) (>= net461)) (&& (== netcoreapp3.1) (>= net50)) (&& (== netcoreapp3.1) (< netcoreapp3.0)) (== netstandard2.0) (== netstandard2.1)
      Microsoft.Extensions.FileProviders.Abstractions (>= 5.0)
      Microsoft.Extensions.FileSystemGlobbing (>= 5.0)
      Microsoft.Extensions.Primitives (>= 5.0)
    Microsoft.Extensions.FileSystemGlobbing (5.0) - restriction: || (== net50) (&& (== netcoreapp3.1) (>= net50)) (&& (== netstandard2.0) (>= net50)) (&& (== netstandard2.1) (>= net50))
    Microsoft.Extensions.Hosting (5.0) - restriction: || (== net50) (&& (== netcoreapp3.1) (>= net50)) (&& (== netstandard2.0) (>= net50)) (&& (== netstandard2.1) (>= net50))
      Microsoft.Extensions.Configuration (>= 5.0)
      Microsoft.Extensions.Configuration.Abstractions (>= 5.0)
      Microsoft.Extensions.Configuration.Binder (>= 5.0)
      Microsoft.Extensions.Configuration.CommandLine (>= 5.0)
      Microsoft.Extensions.Configuration.EnvironmentVariables (>= 5.0)
      Microsoft.Extensions.Configuration.FileExtensions (>= 5.0)
      Microsoft.Extensions.Configuration.Json (>= 5.0)
      Microsoft.Extensions.Configuration.UserSecrets (>= 5.0)
      Microsoft.Extensions.DependencyInjection (>= 5.0)
      Microsoft.Extensions.DependencyInjection.Abstractions (>= 5.0)
      Microsoft.Extensions.FileProviders.Abstractions (>= 5.0)
      Microsoft.Extensions.FileProviders.Physical (>= 5.0)
      Microsoft.Extensions.Hosting.Abstractions (>= 5.0)
      Microsoft.Extensions.Logging (>= 5.0)
      Microsoft.Extensions.Logging.Abstractions (>= 5.0)
      Microsoft.Extensions.Logging.Configuration (>= 5.0)
      Microsoft.Extensions.Logging.Console (>= 5.0)
      Microsoft.Extensions.Logging.Debug (>= 5.0)
      Microsoft.Extensions.Logging.EventLog (>= 5.0)
      Microsoft.Extensions.Logging.EventSource (>= 5.0)
      Microsoft.Extensions.Options (>= 5.0)
    Microsoft.Extensions.Hosting.Abstractions (5.0) - restriction: || (== net50) (&& (== netcoreapp3.1) (>= net461)) (&& (== netcoreapp3.1) (>= net50)) (&& (== netcoreapp3.1) (< netcoreapp3.0)) (== netstandard2.0) (== netstandard2.1)
      Microsoft.Extensions.Configuration.Abstractions (>= 5.0)
      Microsoft.Extensions.DependencyInjection.Abstractions (>= 5.0)
      Microsoft.Extensions.FileProviders.Abstractions (>= 5.0)
    Microsoft.Extensions.Logging (5.0) - restriction: || (== net50) (&& (== netcoreapp3.1) (>= net50)) (&& (== netstandard2.0) (>= net50)) (&& (== netstandard2.1) (>= net50))
      Microsoft.Extensions.DependencyInjection (>= 5.0)
      Microsoft.Extensions.DependencyInjection.Abstractions (>= 5.0)
      Microsoft.Extensions.Logging.Abstractions (>= 5.0)
      Microsoft.Extensions.Options (>= 5.0)
    Microsoft.Extensions.Logging.Abstractions (5.0) - restriction: || (== net50) (&& (== netcoreapp3.1) (>= net461)) (&& (== netcoreapp3.1) (>= net50)) (&& (== netcoreapp3.1) (< netcoreapp3.0)) (== netstandard2.0) (== netstandard2.1)
    Microsoft.Extensions.Logging.Configuration (5.0) - restriction: || (== net50) (&& (== netcoreapp3.1) (>= net50)) (&& (== netstandard2.0) (>= net50)) (&& (== netstandard2.1) (>= net50))
      Microsoft.Extensions.Configuration (>= 5.0)
      Microsoft.Extensions.Configuration.Abstractions (>= 5.0)
      Microsoft.Extensions.Configuration.Binder (>= 5.0)
      Microsoft.Extensions.DependencyInjection.Abstractions (>= 5.0)
      Microsoft.Extensions.Logging (>= 5.0)
      Microsoft.Extensions.Logging.Abstractions (>= 5.0)
      Microsoft.Extensions.Options (>= 5.0)
      Microsoft.Extensions.Options.ConfigurationExtensions (>= 5.0)
    Microsoft.Extensions.Logging.Console (5.0) - restriction: || (== net50) (&& (== netcoreapp3.1) (>= net50)) (&& (== netstandard2.0) (>= net50)) (&& (== netstandard2.1) (>= net50))
      Microsoft.Extensions.Configuration.Abstractions (>= 5.0)
      Microsoft.Extensions.DependencyInjection.Abstractions (>= 5.0)
      Microsoft.Extensions.Logging (>= 5.0)
      Microsoft.Extensions.Logging.Abstractions (>= 5.0)
      Microsoft.Extensions.Logging.Configuration (>= 5.0)
      Microsoft.Extensions.Options (>= 5.0)
      Microsoft.Extensions.Options.ConfigurationExtensions (>= 5.0)
    Microsoft.Extensions.Logging.Debug (5.0) - restriction: || (== net50) (&& (== netcoreapp3.1) (>= net50)) (&& (== netstandard2.0) (>= net50)) (&& (== netstandard2.1) (>= net50))
      Microsoft.Extensions.DependencyInjection.Abstractions (>= 5.0)
      Microsoft.Extensions.Logging (>= 5.0)
      Microsoft.Extensions.Logging.Abstractions (>= 5.0)
    Microsoft.Extensions.Logging.EventLog (5.0) - restriction: || (== net50) (&& (== netcoreapp3.1) (>= net50)) (&& (== netstandard2.0) (>= net50)) (&& (== netstandard2.1) (>= net50))
      Microsoft.Extensions.DependencyInjection.Abstractions (>= 5.0)
      Microsoft.Extensions.Logging (>= 5.0)
      Microsoft.Extensions.Logging.Abstractions (>= 5.0)
      Microsoft.Extensions.Options (>= 5.0)
      System.Diagnostics.EventLog (>= 5.0)
    Microsoft.Extensions.Logging.EventSource (5.0.1) - restriction: || (== net50) (&& (== netcoreapp3.1) (>= net50)) (&& (== netstandard2.0) (>= net50)) (&& (== netstandard2.1) (>= net50))
      Microsoft.Extensions.DependencyInjection.Abstractions (>= 5.0)
      Microsoft.Extensions.Logging (>= 5.0)
      Microsoft.Extensions.Logging.Abstractions (>= 5.0)
      Microsoft.Extensions.Options (>= 5.0)
      Microsoft.Extensions.Primitives (>= 5.0.1)
    Microsoft.Extensions.ObjectPool (5.0.5) - restriction: || (&& (== net50) (>= net461)) (&& (== net50) (< netcoreapp3.0)) (&& (== netcoreapp3.1) (>= net461)) (&& (== netcoreapp3.1) (< netcoreapp3.0)) (== netstandard2.0) (== netstandard2.1)
    Microsoft.Extensions.Options (5.0) - restriction: || (== net50) (&& (== netcoreapp3.1) (>= net461)) (&& (== netcoreapp3.1) (>= net50)) (&& (== netcoreapp3.1) (< netcoreapp3.0)) (== netstandard2.0) (== netstandard2.1)
      Microsoft.Extensions.DependencyInjection.Abstractions (>= 5.0)
      Microsoft.Extensions.Primitives (>= 5.0)
    Microsoft.Extensions.Options.ConfigurationExtensions (5.0) - restriction: || (== net50) (&& (== netcoreapp3.1) (>= net50)) (&& (== netstandard2.0) (>= net50)) (&& (== netstandard2.1) (>= net50))
      Microsoft.Extensions.Configuration.Abstractions (>= 5.0)
      Microsoft.Extensions.Configuration.Binder (>= 5.0)
      Microsoft.Extensions.DependencyInjection.Abstractions (>= 5.0)
      Microsoft.Extensions.Options (>= 5.0)
      Microsoft.Extensions.Primitives (>= 5.0)
    Microsoft.Extensions.Primitives (5.0.1) - restriction: || (== net50) (&& (== netcoreapp3.1) (>= net461)) (&& (== netcoreapp3.1) (>= net50)) (&& (== netcoreapp3.1) (< netcoreapp3.0)) (== netstandard2.0) (== netstandard2.1)
    Microsoft.Extensions.WebEncoders (5.0.5) - restriction: || (&& (== net50) (>= net461)) (&& (== net50) (< netcoreapp3.0)) (&& (== netcoreapp3.1) (>= net461)) (&& (== netcoreapp3.1) (< netcoreapp3.0)) (== netstandard2.0) (== netstandard2.1)
      Microsoft.Extensions.DependencyInjection.Abstractions (>= 5.0)
      Microsoft.Extensions.Options (>= 5.0)
      System.Text.Encodings.Web (>= 5.0.1) - restriction: || (&& (== net50) (>= net461)) (== netcoreapp3.1) (== netstandard2.0) (== netstandard2.1)
    Microsoft.IO.RecyclableMemoryStream (2.0)
    Microsoft.Net.Http.Headers (2.2.8) - restriction: || (&& (== net50) (>= net461)) (&& (== net50) (< netcoreapp3.0)) (&& (== netcoreapp3.1) (>= net461)) (&& (== netcoreapp3.1) (< netcoreapp3.0)) (== netstandard2.0) (== netstandard2.1)
      Microsoft.Extensions.Primitives (>= 2.2)
      System.Buffers (>= 4.5)
    Microsoft.NET.Test.Sdk (16.9.4)
      Microsoft.CodeCoverage (>= 16.9.4) - restriction: || (== net50) (== netcoreapp3.1) (&& (== netstandard2.0) (>= net45)) (&& (== netstandard2.0) (>= netcoreapp1.0)) (&& (== netstandard2.1) (>= net45)) (&& (== netstandard2.1) (>= netcoreapp1.0))
      Microsoft.TestPlatform.TestHost (>= 16.9.4) - restriction: || (== net50) (== netcoreapp3.1) (&& (== netstandard2.0) (>= netcoreapp1.0)) (&& (== netstandard2.1) (>= netcoreapp1.0))
    Microsoft.NETCore.Platforms (5.0.2)
    Microsoft.TestPlatform.ObjectModel (16.9.4) - restriction: || (== net50) (== netcoreapp3.1) (&& (== netstandard2.0) (>= netcoreapp1.0)) (&& (== netstandard2.1) (>= netcoreapp1.0))
      NuGet.Frameworks (>= 5.0)
      System.Reflection.Metadata (>= 1.6)
    Microsoft.TestPlatform.TestHost (16.9.4) - restriction: || (== net50) (== netcoreapp3.1) (&& (== netstandard2.0) (>= netcoreapp1.0)) (&& (== netstandard2.1) (>= netcoreapp1.0))
      Microsoft.TestPlatform.ObjectModel (>= 16.9.4) - restriction: || (== net50) (== netcoreapp3.1) (&& (== netstandard2.0) (>= netcoreapp1.0)) (&& (== netstandard2.0) (>= uap10.0)) (&& (== netstandard2.1) (>= netcoreapp1.0)) (&& (== netstandard2.1) (>= uap10.0))
      Newtonsoft.Json (>= 9.0.1) - restriction: || (== net50) (== netcoreapp3.1) (&& (== netstandard2.0) (>= netcoreapp1.0)) (&& (== netstandard2.0) (>= uap10.0)) (&& (== netstandard2.1) (>= netcoreapp1.0)) (&& (== netstandard2.1) (>= uap10.0))
    Microsoft.Win32.Registry (5.0) - restriction: || (== net50) (&& (== netcoreapp3.1) (>= net461)) (&& (== netcoreapp3.1) (>= net50)) (&& (== netcoreapp3.1) (< netcoreapp3.0)) (== netstandard2.0) (== netstandard2.1)
      System.Buffers (>= 4.5.1) - restriction: || (&& (== net50) (>= monotouch)) (&& (== net50) (< netcoreapp2.0)) (&& (== net50) (>= xamarinios)) (&& (== net50) (>= xamarinmac)) (&& (== net50) (>= xamarintvos)) (&& (== net50) (>= xamarinwatchos)) (&& (== netcoreapp3.1) (>= monotouch)) (&& (== netcoreapp3.1) (< netcoreapp2.0)) (&& (== netcoreapp3.1) (>= xamarinios)) (&& (== netcoreapp3.1) (>= xamarinmac)) (&& (== netcoreapp3.1) (>= xamarintvos)) (&& (== netcoreapp3.1) (>= xamarinwatchos)) (== netstandard2.0) (== netstandard2.1)
      System.Memory (>= 4.5.4) - restriction: || (&& (== net50) (< netcoreapp2.0)) (&& (== net50) (< netcoreapp2.1)) (&& (== net50) (>= uap10.1)) (&& (== netcoreapp3.1) (< netcoreapp2.0)) (&& (== netcoreapp3.1) (< netcoreapp2.1)) (&& (== netcoreapp3.1) (>= uap10.1)) (== netstandard2.0) (== netstandard2.1)
      System.Security.AccessControl (>= 5.0)
      System.Security.Principal.Windows (>= 5.0)
    NETStandard.Library (2.0.3)
      Microsoft.NETCore.Platforms (>= 1.1)
    Newtonsoft.Json (13.0.1)
    NuGet.Frameworks (5.9.1) - restriction: || (== net50) (== netcoreapp3.1) (&& (== netstandard2.0) (>= netcoreapp1.0)) (&& (== netstandard2.1) (>= netcoreapp1.0))
    System.Buffers (4.5.1) - restriction: || (&& (== net50) (>= monotouch)) (&& (== net50) (>= net461)) (&& (== net50) (< netcoreapp2.0)) (&& (== net50) (< netstandard2.0) (>= xamarintvos)) (&& (== net50) (< netstandard2.0) (>= xamarinwatchos)) (&& (== net50) (>= uap10.1)) (&& (== netcoreapp3.1) (>= monotouch)) (&& (== netcoreapp3.1) (>= net461)) (&& (== netcoreapp3.1) (< netcoreapp2.0)) (&& (== netcoreapp3.1) (< netstandard2.0) (>= xamarintvos)) (&& (== netcoreapp3.1) (< netstandard2.0) (>= xamarinwatchos)) (== netstandard2.0) (== netstandard2.1)
    System.Collections.Immutable (5.0) - restriction: || (&& (== net50) (>= net461)) (&& (== net50) (< netcoreapp3.0)) (&& (== net50) (< netstandard1.1)) (&& (== net50) (< netstandard2.0)) (&& (== netcoreapp3.1) (>= net461)) (&& (== netcoreapp3.1) (< netcoreapp3.0)) (&& (== netcoreapp3.1) (< netstandard1.1)) (&& (== netcoreapp3.1) (< netstandard2.0)) (== netstandard2.0) (== netstandard2.1)
      System.Memory (>= 4.5.4) - restriction: || (&& (== net50) (>= net461)) (&& (== net50) (< netcoreapp2.1)) (&& (== net50) (< netstandard2.0)) (&& (== net50) (>= uap10.1)) (&& (== netcoreapp3.1) (>= net461)) (&& (== netcoreapp3.1) (< netcoreapp2.1)) (&& (== netcoreapp3.1) (< netstandard2.0)) (&& (== netcoreapp3.1) (>= uap10.1)) (== netstandard2.0) (== netstandard2.1)
    System.Diagnostics.DiagnosticSource (5.0.1) - restriction: || (&& (== net50) (>= net461)) (&& (== net50) (< netcoreapp3.0)) (&& (== netcoreapp3.1) (>= net461)) (&& (== netcoreapp3.1) (< netcoreapp3.0)) (== netstandard2.0) (== netstandard2.1)
      System.Memory (>= 4.5.4) - restriction: || (&& (== net50) (>= net45) (< netstandard1.3)) (&& (== net50) (>= net46)) (&& (== net50) (< netcoreapp2.1)) (&& (== net50) (< netstandard2.0)) (&& (== net50) (>= uap10.1)) (&& (== netcoreapp3.1) (>= net45) (< netstandard1.3)) (&& (== netcoreapp3.1) (>= net46)) (&& (== netcoreapp3.1) (< netcoreapp2.1)) (&& (== netcoreapp3.1) (< netstandard2.0)) (&& (== netcoreapp3.1) (>= uap10.1)) (== netstandard2.0) (== netstandard2.1)
      System.Runtime.CompilerServices.Unsafe (>= 5.0) - restriction: || (&& (== net50) (>= monotouch)) (&& (== net50) (>= net45) (< netstandard1.3)) (&& (== net50) (>= net46)) (&& (== net50) (< netcoreapp2.1)) (&& (== net50) (< netcoreapp3.0)) (&& (== net50) (< netstandard2.0)) (&& (== net50) (>= uap10.1)) (&& (== netcoreapp3.1) (>= monotouch)) (&& (== netcoreapp3.1) (>= net45) (< netstandard1.3)) (&& (== netcoreapp3.1) (>= net46)) (&& (== netcoreapp3.1) (< netcoreapp2.1)) (&& (== netcoreapp3.1) (< netcoreapp3.0)) (&& (== netcoreapp3.1) (< netstandard2.0)) (&& (== netcoreapp3.1) (>= uap10.1)) (== netstandard2.0) (== netstandard2.1)
    System.Diagnostics.EventLog (5.0.1) - restriction: || (== net50) (&& (== netcoreapp3.1) (>= net50)) (&& (== netstandard2.0) (>= net50)) (&& (== netstandard2.1) (>= net50))
      Microsoft.NETCore.Platforms (>= 5.0.1) - restriction: || (== net50) (== netcoreapp3.1) (&& (== netstandard2.0) (>= netcoreapp2.0)) (&& (== netstandard2.1) (>= netcoreapp2.0))
      Microsoft.Win32.Registry (>= 5.0) - restriction: || (== net50) (== netcoreapp3.1) (&& (== netstandard2.0) (>= netcoreapp2.0)) (&& (== netstandard2.1) (>= netcoreapp2.0))
      System.Security.Principal.Windows (>= 5.0)
    System.Formats.Asn1 (5.0) - restriction: || (&& (== net50) (>= monotouch)) (&& (== net50) (>= net461)) (&& (== net50) (< netcoreapp2.0)) (&& (== net50) (< netcoreapp2.1) (< netstandard2.1)) (&& (== net50) (< netcoreapp3.0)) (&& (== net50) (>= uap10.1)) (&& (== netcoreapp3.1) (>= monotouch)) (&& (== netcoreapp3.1) (>= net461)) (&& (== netcoreapp3.1) (< netcoreapp2.0)) (&& (== netcoreapp3.1) (< netcoreapp2.1) (< netstandard2.1)) (&& (== netcoreapp3.1) (< netcoreapp3.0)) (&& (== netcoreapp3.1) (>= uap10.1)) (== netstandard2.0) (== netstandard2.1)
      System.Buffers (>= 4.5.1) - restriction: || (&& (== net50) (>= monotouch)) (&& (== net50) (>= net461)) (&& (== net50) (< netcoreapp2.0)) (&& (== net50) (>= xamarinios)) (&& (== net50) (>= xamarinmac)) (&& (== net50) (>= xamarintvos)) (&& (== net50) (>= xamarinwatchos)) (&& (== netcoreapp3.1) (>= monotouch)) (&& (== netcoreapp3.1) (>= net461)) (&& (== netcoreapp3.1) (< netcoreapp2.0)) (&& (== netcoreapp3.1) (>= xamarinios)) (&& (== netcoreapp3.1) (>= xamarinmac)) (&& (== netcoreapp3.1) (>= xamarintvos)) (&& (== netcoreapp3.1) (>= xamarinwatchos)) (== netstandard2.0) (== netstandard2.1)
      System.Memory (>= 4.5.4) - restriction: || (&& (== net50) (>= net461)) (&& (== net50) (< netcoreapp2.0)) (&& (== net50) (< netcoreapp2.1)) (&& (== net50) (>= uap10.1)) (&& (== netcoreapp3.1) (>= net461)) (&& (== netcoreapp3.1) (< netcoreapp2.0)) (&& (== netcoreapp3.1) (< netcoreapp2.1)) (&& (== netcoreapp3.1) (>= uap10.1)) (== netstandard2.0) (== netstandard2.1)
    System.IO.Pipelines (5.0.1) - restriction: || (== net50) (&& (== netcoreapp3.1) (>= net461)) (&& (== netcoreapp3.1) (>= net50)) (&& (== netcoreapp3.1) (< netcoreapp3.0)) (== netstandard2.0) (== netstandard2.1)
    System.Memory (4.5.4) - restriction: || (&& (== net50) (>= monotouch)) (&& (== net50) (>= net461)) (&& (== net50) (< netcoreapp2.0)) (&& (== net50) (< netcoreapp2.1)) (&& (== net50) (< netstandard2.0) (>= xamarintvos)) (&& (== net50) (< netstandard2.0) (>= xamarinwatchos)) (&& (== net50) (>= uap10.1)) (&& (== netcoreapp3.1) (>= net461)) (&& (== netcoreapp3.1) (< netcoreapp2.0)) (&& (== netcoreapp3.1) (< netcoreapp2.1)) (&& (== netcoreapp3.1) (>= uap10.1)) (== netstandard2.0) (== netstandard2.1)
      System.Buffers (>= 4.5.1) - restriction: || (&& (== net50) (>= monotouch)) (&& (== net50) (>= net461)) (&& (== net50) (< netcoreapp2.0)) (&& (== net50) (< netstandard1.1)) (&& (== net50) (< netstandard2.0)) (&& (== net50) (>= xamarinios)) (&& (== net50) (>= xamarinmac)) (&& (== net50) (>= xamarintvos)) (&& (== net50) (>= xamarinwatchos)) (&& (== netcoreapp3.1) (>= monotouch)) (&& (== netcoreapp3.1) (>= net461)) (&& (== netcoreapp3.1) (< netcoreapp2.0)) (&& (== netcoreapp3.1) (< netstandard1.1)) (&& (== netcoreapp3.1) (< netstandard2.0)) (&& (== netcoreapp3.1) (>= xamarinios)) (&& (== netcoreapp3.1) (>= xamarinmac)) (&& (== netcoreapp3.1) (>= xamarintvos)) (&& (== netcoreapp3.1) (>= xamarinwatchos)) (== netstandard2.0) (== netstandard2.1)
      System.Numerics.Vectors (>= 4.4) - restriction: || (&& (== net50) (< netcoreapp2.0)) (&& (== netcoreapp3.1) (< netcoreapp2.0)) (== netstandard2.0) (== netstandard2.1)
      System.Runtime.CompilerServices.Unsafe (>= 4.5.3) - restriction: || (&& (== net50) (>= monotouch)) (&& (== net50) (>= net461)) (&& (== net50) (< netcoreapp2.0)) (&& (== net50) (< netcoreapp2.1)) (&& (== net50) (< netstandard1.1)) (&& (== net50) (< netstandard2.0)) (&& (== net50) (>= uap10.1)) (&& (== net50) (>= xamarinios)) (&& (== net50) (>= xamarinmac)) (&& (== net50) (>= xamarintvos)) (&& (== net50) (>= xamarinwatchos)) (&& (== netcoreapp3.1) (>= monotouch)) (&& (== netcoreapp3.1) (>= net461)) (&& (== netcoreapp3.1) (< netcoreapp2.0)) (&& (== netcoreapp3.1) (< netcoreapp2.1)) (&& (== netcoreapp3.1) (< netstandard1.1)) (&& (== netcoreapp3.1) (< netstandard2.0)) (&& (== netcoreapp3.1) (>= uap10.1)) (&& (== netcoreapp3.1) (>= xamarinios)) (&& (== netcoreapp3.1) (>= xamarinmac)) (&& (== netcoreapp3.1) (>= xamarintvos)) (&& (== netcoreapp3.1) (>= xamarinwatchos)) (== netstandard2.0) (== netstandard2.1)
    System.Numerics.Vectors (4.5) - restriction: || (&& (== net50) (>= net461)) (&& (== net50) (< netcoreapp2.0)) (&& (== netcoreapp3.1) (>= net461)) (&& (== netcoreapp3.1) (< netcoreapp2.0)) (== netstandard2.0) (== netstandard2.1)
    System.Reflection.Emit (4.7)
      System.Reflection.Emit.ILGeneration (>= 4.7) - restriction: || (&& (== net50) (< netcoreapp2.0) (< netstandard2.1)) (&& (== net50) (< netstandard1.1)) (&& (== net50) (< netstandard2.0)) (&& (== net50) (>= uap10.1)) (&& (== netcoreapp3.1) (< netcoreapp2.0) (< netstandard2.1)) (&& (== netcoreapp3.1) (< netstandard1.1)) (&& (== netcoreapp3.1) (< netstandard2.0)) (&& (== netcoreapp3.1) (>= uap10.1)) (== netstandard2.0) (&& (== netstandard2.1) (< netstandard1.1)) (&& (== netstandard2.1) (< netstandard2.0)) (&& (== netstandard2.1) (>= uap10.1))
    System.Reflection.Emit.ILGeneration (4.7) - restriction: || (&& (== net50) (< netcoreapp2.0) (< netstandard2.1)) (&& (== net50) (< netstandard1.1)) (&& (== net50) (< netstandard2.0)) (&& (== net50) (>= uap10.1)) (&& (== netcoreapp3.1) (< netcoreapp2.0) (< netstandard2.1)) (&& (== netcoreapp3.1) (< netstandard1.1)) (&& (== netcoreapp3.1) (< netstandard2.0)) (&& (== netcoreapp3.1) (>= uap10.1)) (== netstandard2.0) (&& (== netstandard2.1) (< netstandard1.1)) (&& (== netstandard2.1) (< netstandard2.0)) (&& (== netstandard2.1) (>= uap10.1))
    System.Reflection.Emit.Lightweight (4.7)
      System.Reflection.Emit.ILGeneration (>= 4.7) - restriction: || (&& (== net50) (< netcoreapp2.0) (< netstandard2.1)) (&& (== net50) (< netstandard2.0)) (&& (== net50) (< portable-net45+wp8)) (&& (== net50) (>= uap10.1)) (&& (== netcoreapp3.1) (< netcoreapp2.0) (< netstandard2.1)) (&& (== netcoreapp3.1) (< netstandard2.0)) (&& (== netcoreapp3.1) (< portable-net45+wp8)) (&& (== netcoreapp3.1) (>= uap10.1)) (== netstandard2.0) (&& (== netstandard2.1) (< netstandard2.0)) (&& (== netstandard2.1) (< portable-net45+wp8)) (&& (== netstandard2.1) (>= uap10.1))
    System.Reflection.Metadata (5.0)
      System.Collections.Immutable (>= 5.0) - restriction: || (&& (== net50) (>= net461)) (&& (== net50) (< netstandard1.1)) (&& (== net50) (< netstandard2.0)) (== netcoreapp3.1) (== netstandard2.0) (== netstandard2.1)
    System.Runtime.CompilerServices.Unsafe (5.0) - restriction: || (&& (== net50) (>= monotouch)) (&& (== net50) (>= net45) (< netstandard1.3)) (&& (== net50) (>= net46)) (&& (== net50) (>= net461)) (&& (== net50) (< netcoreapp2.0)) (&& (== net50) (< netcoreapp2.1)) (&& (== net50) (< netcoreapp3.0)) (&& (== net50) (< netstandard2.0)) (&& (== net50) (>= uap10.1)) (== netcoreapp3.1) (== netstandard2.0) (== netstandard2.1)
    System.Security.AccessControl (5.0) - restriction: || (&& (== net50) (>= monotouch)) (&& (== net50) (>= net461)) (&& (== net50) (< netcoreapp2.0)) (&& (== net50) (< netcoreapp3.0)) (&& (== net50) (>= uap10.1)) (&& (== netcoreapp3.1) (>= monotouch)) (&& (== netcoreapp3.1) (>= net461)) (&& (== netcoreapp3.1) (< netcoreapp2.0)) (&& (== netcoreapp3.1) (< netcoreapp3.0)) (&& (== netcoreapp3.1) (>= uap10.1)) (== netstandard2.0) (== netstandard2.1)
      System.Security.Principal.Windows (>= 5.0)
    System.Security.Cryptography.Cng (5.0) - restriction: || (&& (== net50) (>= monotouch)) (&& (== net50) (>= net461)) (&& (== net50) (< netcoreapp2.0)) (&& (== net50) (< netcoreapp3.0)) (&& (== net50) (< netstandard2.1)) (&& (== netcoreapp3.1) (>= monotouch)) (&& (== netcoreapp3.1) (>= net461)) (&& (== netcoreapp3.1) (< netcoreapp2.0)) (&& (== netcoreapp3.1) (< netcoreapp3.0)) (&& (== netcoreapp3.1) (< netstandard2.1)) (== netstandard2.0) (== netstandard2.1)
    System.Security.Cryptography.Pkcs (5.0.1) - restriction: || (&& (== net50) (>= monotouch)) (&& (== net50) (>= net461)) (&& (== net50) (< netcoreapp3.0)) (&& (== netcoreapp3.1) (>= monotouch)) (&& (== netcoreapp3.1) (>= net461)) (&& (== netcoreapp3.1) (< netcoreapp3.0)) (== netstandard2.0) (== netstandard2.1)
      System.Buffers (>= 4.5.1) - restriction: || (&& (== net50) (< netcoreapp2.0) (< netstandard2.1)) (&& (== netcoreapp3.1) (< netcoreapp2.0) (< netstandard2.1)) (== netstandard2.0)
      System.Formats.Asn1 (>= 5.0)
      System.Memory (>= 4.5.4) - restriction: || (&& (== net50) (< netcoreapp2.0) (< netstandard2.1)) (&& (== net50) (< netcoreapp2.1) (< netstandard2.1)) (&& (== net50) (>= uap10.1)) (&& (== netcoreapp3.1) (< netcoreapp2.0) (< netstandard2.1)) (&& (== netcoreapp3.1) (< netcoreapp2.1) (< netstandard2.1)) (&& (== netcoreapp3.1) (>= uap10.1)) (== netstandard2.0) (&& (== netstandard2.1) (>= uap10.1))
      System.Security.Cryptography.Cng (>= 5.0)
    System.Security.Cryptography.Xml (5.0) - restriction: || (&& (== net50) (>= net461)) (&& (== net50) (< netcoreapp3.0)) (&& (== netcoreapp3.1) (>= net461)) (&& (== netcoreapp3.1) (< netcoreapp3.0)) (== netstandard2.0) (== netstandard2.1)
      System.Memory (>= 4.5.4) - restriction: || (&& (== net50) (< netcoreapp2.1)) (&& (== netcoreapp3.1) (< netcoreapp2.1)) (== netstandard2.0) (== netstandard2.1)
      System.Security.Cryptography.Pkcs (>= 5.0)
      System.Security.Permissions (>= 5.0)
    System.Security.Permissions (5.0) - restriction: || (&& (== net50) (>= monotouch)) (&& (== net50) (>= net461)) (&& (== net50) (< netcoreapp3.0)) (&& (== netcoreapp3.1) (>= monotouch)) (&& (== netcoreapp3.1) (>= net461)) (&& (== netcoreapp3.1) (< netcoreapp3.0)) (== netstandard2.0) (== netstandard2.1)
      System.Security.AccessControl (>= 5.0)
    System.Security.Principal.Windows (5.0) - restriction: || (== net50) (&& (== netcoreapp3.1) (>= net461)) (&& (== netcoreapp3.1) (>= net50)) (&& (== netcoreapp3.1) (< netcoreapp3.0)) (== netstandard2.0) (== netstandard2.1)
    System.Text.Encodings.Web (5.0.1) - restriction: || (&& (== net50) (>= monotouch)) (&& (== net50) (>= net461)) (&& (== net50) (< netcoreapp2.0)) (&& (== net50) (< netcoreapp2.1)) (&& (== net50) (< netcoreapp3.0)) (&& (== net50) (< netstandard2.0) (>= xamarintvos)) (&& (== net50) (< netstandard2.0) (>= xamarinwatchos)) (&& (== net50) (>= uap10.1)) (== netcoreapp3.1) (== netstandard2.0) (== netstandard2.1)
      System.Buffers (>= 4.5.1) - restriction: || (&& (== net50) (>= net461)) (&& (== net50) (< netcoreapp2.0) (< netstandard2.1)) (&& (== netcoreapp3.1) (>= net461)) (&& (== netcoreapp3.1) (< netcoreapp2.0) (< netstandard2.1)) (== netstandard2.0) (&& (== netstandard2.1) (>= net461))
      System.Memory (>= 4.5.4) - restriction: || (&& (== net50) (>= net461)) (&& (== net50) (< netcoreapp2.0) (< netstandard2.1)) (&& (== net50) (< netcoreapp2.1) (< netstandard2.1)) (&& (== net50) (>= uap10.1)) (&& (== netcoreapp3.1) (>= net461)) (&& (== netcoreapp3.1) (< netcoreapp2.0) (< netstandard2.1)) (&& (== netcoreapp3.1) (< netcoreapp2.1) (< netstandard2.1)) (&& (== netcoreapp3.1) (>= uap10.1)) (== netstandard2.0) (&& (== netstandard2.1) (>= net461)) (&& (== netstandard2.1) (>= uap10.1))
    System.Text.Json (5.0.2)
      Microsoft.Bcl.AsyncInterfaces (>= 5.0) - restriction: || (&& (== net50) (>= monotouch)) (&& (== net50) (>= net461)) (&& (== net50) (< netcoreapp2.0)) (&& (== net50) (< netcoreapp2.1)) (&& (== net50) (< netcoreapp3.0)) (&& (== net50) (< netstandard2.0) (>= xamarintvos)) (&& (== net50) (< netstandard2.0) (>= xamarinwatchos)) (&& (== net50) (>= uap10.1)) (&& (== netcoreapp3.1) (>= monotouch)) (&& (== netcoreapp3.1) (>= net461)) (&& (== netcoreapp3.1) (< netcoreapp2.0)) (&& (== netcoreapp3.1) (< netcoreapp2.1)) (&& (== netcoreapp3.1) (< netcoreapp3.0)) (&& (== netcoreapp3.1) (< netstandard2.0) (>= xamarintvos)) (&& (== netcoreapp3.1) (< netstandard2.0) (>= xamarinwatchos)) (&& (== netcoreapp3.1) (>= uap10.1)) (== netstandard2.0) (== netstandard2.1)
      System.Buffers (>= 4.5.1) - restriction: || (&& (== net50) (>= monotouch)) (&& (== net50) (>= net461)) (&& (== net50) (< netcoreapp2.0)) (&& (== net50) (< netstandard2.0) (>= xamarintvos)) (&& (== net50) (< netstandard2.0) (>= xamarinwatchos)) (&& (== netcoreapp3.1) (>= monotouch)) (&& (== netcoreapp3.1) (>= net461)) (&& (== netcoreapp3.1) (< netcoreapp2.0)) (&& (== netcoreapp3.1) (< netstandard2.0) (>= xamarintvos)) (&& (== netcoreapp3.1) (< netstandard2.0) (>= xamarinwatchos)) (== netstandard2.0) (== netstandard2.1)
      System.Memory (>= 4.5.4) - restriction: || (&& (== net50) (>= net461)) (&& (== net50) (< netcoreapp2.0)) (&& (== net50) (< netcoreapp2.1)) (&& (== net50) (>= uap10.1)) (&& (== netcoreapp3.1) (>= net461)) (&& (== netcoreapp3.1) (< netcoreapp2.0)) (&& (== netcoreapp3.1) (< netcoreapp2.1)) (&& (== netcoreapp3.1) (>= uap10.1)) (== netstandard2.0) (== netstandard2.1)
      System.Numerics.Vectors (>= 4.5) - restriction: || (&& (== net50) (>= net461)) (&& (== net50) (< netcoreapp2.0)) (&& (== netcoreapp3.1) (>= net461)) (&& (== netcoreapp3.1) (< netcoreapp2.0)) (== netstandard2.0) (== netstandard2.1)
      System.Runtime.CompilerServices.Unsafe (>= 5.0) - restriction: || (&& (== net50) (>= monotouch)) (&& (== net50) (>= net461)) (&& (== net50) (< netcoreapp2.0)) (&& (== net50) (< netcoreapp2.1)) (&& (== net50) (< netcoreapp3.0)) (&& (== net50) (< netstandard2.0) (>= xamarintvos)) (&& (== net50) (< netstandard2.0) (>= xamarinwatchos)) (&& (== net50) (>= uap10.1)) (== netcoreapp3.1) (== netstandard2.0) (== netstandard2.1)
      System.Text.Encodings.Web (>= 5.0.1) - restriction: || (&& (== net50) (>= monotouch)) (&& (== net50) (>= net461)) (&& (== net50) (< netcoreapp2.0)) (&& (== net50) (< netcoreapp2.1)) (&& (== net50) (< netcoreapp3.0)) (&& (== net50) (< netstandard2.0) (>= xamarintvos)) (&& (== net50) (< netstandard2.0) (>= xamarinwatchos)) (&& (== net50) (>= uap10.1)) (== netcoreapp3.1) (== netstandard2.0) (== netstandard2.1)
      System.Threading.Tasks.Extensions (>= 4.5.4) - restriction: || (&& (== net50) (>= net461)) (&& (== net50) (< netcoreapp2.0)) (&& (== net50) (< netcoreapp2.1)) (&& (== net50) (>= uap10.1)) (&& (== netcoreapp3.1) (>= net461)) (&& (== netcoreapp3.1) (< netcoreapp2.0)) (&& (== netcoreapp3.1) (< netcoreapp2.1)) (&& (== netcoreapp3.1) (>= uap10.1)) (== netstandard2.0) (== netstandard2.1)
    System.Threading.Tasks.Extensions (4.5.4)
      System.Runtime.CompilerServices.Unsafe (>= 4.5.3) - restriction: || (&& (== net50) (>= net461)) (&& (== net50) (< netcoreapp2.1)) (&& (== net50) (< netstandard1.0)) (&& (== net50) (< netstandard2.0)) (&& (== net50) (>= wp8)) (&& (== netcoreapp3.1) (>= net461)) (&& (== netcoreapp3.1) (< netcoreapp2.1)) (&& (== netcoreapp3.1) (< netstandard1.0)) (&& (== netcoreapp3.1) (< netstandard2.0)) (&& (== netcoreapp3.1) (>= wp8)) (== netstandard2.0) (== netstandard2.1)
    System.ValueTuple (4.5)
    TaskBuilder.fs (2.1)
      FSharp.Core (>= 4.1.17)
      NETStandard.Library (>= 1.6.1)
      System.ValueTuple (>= 4.4)
    Utf8Json (1.3.7)
      System.Reflection.Emit (>= 4.3)
      System.Reflection.Emit.Lightweight (>= 4.3)
      System.Threading.Tasks.Extensions (>= 4.4)
      System.ValueTuple (>= 4.4)
    xunit (2.4.1)
      xunit.analyzers (>= 0.10)
      xunit.assert (2.4.1)
      xunit.core (2.4.1)
    xunit.abstractions (2.0.3)
    xunit.analyzers (0.10)
    xunit.assert (2.4.1)
      NETStandard.Library (>= 1.6.1)
    xunit.core (2.4.1)
      xunit.extensibility.core (2.4.1)
      xunit.extensibility.execution (2.4.1)
    xunit.extensibility.core (2.4.1)
      NETStandard.Library (>= 1.6.1)
      xunit.abstractions (>= 2.0.3)
    xunit.extensibility.execution (2.4.1)
      NETStandard.Library (>= 1.6.1)
      xunit.extensibility.core (2.4.1)
    xunit.runner.visualstudio (2.4.3)
